GEM
  remote: https://rubygems.org/
  specs:
    brochure (0.5.4)
      hike (~> 1.0)
      rack (~> 1.0)
      tilt (~> 1.1)
    hike (1.2.3)
    rack (1.6.8)
    tilt (1.4.1)

PLATFORMS
  ruby

DEPENDENCIES
  brochure
  rack

RUBY VERSION
   ruby 2.4.0p0

BUNDLED WITH
   1.16.0
